GEM
  remote: https://rubygems.org/
  specs:
    actionmailer (3.2.8)
      actionpack (= 3.2.8)
      mail (~> 2.4.4)
    actionpack (3.2.8)
      activemodel (= 3.2.8)
      activesupport (= 3.2.8)
      builder (~> 3.0.0)
      erubis (~> 2.7.0)
      journey (~> 1.0.4)
      rack (~> 1.4.0)
      rack-cache (~> 1.2)
      rack-test (~> 0.6.1)
      sprockets (~> 2.1.3)
    activemodel (3.2.8)
      activesupport (= 3.2.8)
      builder (~> 3.0.0)
    activerecord (3.2.8)
      activemodel (= 3.2.8)
      activesupport (= 3.2.8)
      arel (~> 3.0.2)
      tzinfo (~> 0.3.29)
    activeresource (3.2.8)
      activemodel (= 3.2.8)
      activesupport (= 3.2.8)
    activesupport (3.2.8)
      i18n (~> 0.6)
      multi_json (~> 1.0)
    arel (3.0.2)
    aws-sdk (1.32.0)
      json (~> 1.4)
      nokogiri (>= 1.4.4)
      uuidtools (~> 2.1)
    bcrypt-ruby (3.0.1)
    bcrypt-ruby (3.0.1-x86-mingw32)
    bootstrap-sass (2.3.0.0)
      sass (~> 3.2)
    builder (3.0.4)
    cancan (1.6.9)
    capistrano (2.15.5)
      highline
      net-scp (>= 1.0.0)
      net-sftp (>= 2.0.0)
      net-ssh (>= 2.0.14)
      net-ssh-gateway (>= 1.1.0)
    cocaine (0.4.2)
    coffee-rails (3.2.2)
      coffee-script (>= 2.2.0)
      railties (~> 3.2.0)
    coffee-script (2.2.0)
      coffee-script-source
      execjs
    coffee-script-source (1.4.0)
    columnize (0.3.6)
    country_select (1.0.1)
    debugger (1.6.6)
      columnize (>= 0.3.1)
      debugger-linecache (~> 1.2.0)
      debugger-ruby_core_source (~> 1.3.2)
    debugger-linecache (1.2.0)
    debugger-ruby_core_source (1.3.2)
    devise (2.1.2)
      bcrypt-ruby (~> 3.0)
      orm_adapter (~> 0.1)
      railties (~> 3.1)
      warden (~> 1.2.1)
    erubis (2.7.0)
    execjs (1.4.0)
      multi_json (~> 1.0)
    font-awesome-sass-rails (3.0.2.1)
      railties (>= 3.1.1)
      sass-rails (>= 3.1.1)
    geocoder (1.1.9)
    geokit (1.8.4)
      multi_json (>= 1.3.2)
    haml (3.1.7)
    haml-rails (0.3.5)
      actionpack (>= 3.1, < 4.1)
      activesupport (>= 3.1, < 4.1)
      haml (~> 3.1)
      railties (>= 3.1, < 4.1)
    hashie (1.2.0)
    highline (1.6.21)
    hike (1.2.1)
    i18n (0.6.1)
    journey (1.0.4)
    jquery-rails (2.1.3)
      railties (>= 3.1.0, < 5.0)
      thor (~> 0.14)
    jquery-ui-rails (3.0.1)
      jquery-rails
      railties (>= 3.1.0)
    json (1.7.5)
    kaminari (0.14.1)
      actionpack (>= 3.0.0)
      activesupport (>= 3.0.0)
    libv8 (3.16.14.3)
    linkedin (0.3.7)
      hashie (~> 1.2)
      multi_json (~> 1.0)
      oauth (~> 0.4)
    mail (2.4.4)
      i18n (>= 0.4.0)
      mime-types (~> 1.16)
      treetop (~> 1.4.8)
    metamagic (2.0.5)
    mime-types (1.19)
    money (5.1.1)
      i18n (~> 0.6.0)
    money-rails (0.8.1)
      activesupport (>= 3.0)
      money (~> 5.1.0)
      railties (>= 3.0)
    multi_json (1.3.7)
    mysql2 (0.3.11)
    mysql2 (0.3.11-x86-mingw32)
    nested_form (0.3.1)
    net-scp (1.1.2)
      net-ssh (>= 2.6.5)
    net-sftp (2.1.2)
      net-ssh (>= 2.6.5)
    net-ssh (2.8.0)
    net-ssh-gateway (1.2.0)
      net-ssh (>= 2.6.5)
    nokogiri (1.5.6)
    nokogiri (1.5.6-x86-mingw32)
    oauth (0.4.7)
    omniauth (1.1.1)
      hashie (~> 1.2)
      rack
    omniauth-linkedin (0.0.8)
      omniauth-oauth (~> 1.0)
    omniauth-oauth (1.0.1)
      oauth
      omniauth (~> 1.0)
    omnicontacts (0.3.4)
      json
      rack
    orm_adapter (0.4.0)
    paperclip (3.3.0)
      activemodel (>= 3.0.0)
      activerecord (>= 3.0.0)
      activesupport (>= 3.0.0)
      cocaine (~> 0.4.0)
      mime-types
    pdfcrowd (2.6.0)
    pdfkit (0.5.4)
    polyglot (0.3.3)
    pr_geohash (1.0.0)
    quiet_assets (1.0.1)
      railties (~> 3.1)
    rack (1.4.1)
    rack-cache (1.2)
      rack (>= 0.4)
    rack-google-analytics (0.11.0)
    rack-pjax (0.7.0)
      nokogiri (~> 1.5)
      rack (~> 1.3)
    rack-ssl (1.3.2)
      rack
    rack-test (0.6.2)
      rack (>= 1.0)
    rails (3.2.8)
      actionmailer (= 3.2.8)
      actionpack (= 3.2.8)
      activerecord (= 3.2.8)
      activeresource (= 3.2.8)
      activesupport (= 3.2.8)
      bundler (~> 1.0)
      railties (= 3.2.8)
    rails_admin (0.4.4)
      bootstrap-sass (~> 2.2)
      builder (~> 3.0)
      coffee-rails (~> 3.1)
      font-awesome-sass-rails (~> 3.0, >= 3.0.0.1)
      haml (~> 3.1)
      jquery-rails (~> 2.1)
      jquery-ui-rails (~> 3.0)
      kaminari (~> 0.14)
      nested_form (~> 0.3)
      rack-pjax (~> 0.6)
      rails (~> 3.1)
      remotipart (~> 1.0)
      safe_yaml (~> 0.6)
      sass-rails (~> 3.1)
    rails_config (0.3.1)
      activesupport (>= 3.0)
    railties (3.2.8)
      actionpack (= 3.2.8)
      activesupport (= 3.2.8)
      rack-ssl (~> 1.3.2)
      rake (>= 0.8.7)
      rdoc (~> 3.4)
      thor (>= 0.14.6, < 2.0)
    rake (0.9.2.2)
    rdoc (3.12)
      json (~> 1.4)
    ref (1.0.5)
    remotipart (1.0.5)
    rsolr (1.0.8)
      builder (>= 2.1.2)
    rufus-scheduler (3.0.3)
      tzinfo
    rvm-capistrano (1.5.1)
      capistrano (~> 2.15.4)
    safe_yaml (0.7.1)
    sass (3.2.2)
    sass-rails (3.2.5)
      railties (~> 3.2.0)
      sass (>= 3.1.10)
      tilt (~> 1.3)
    sitemap_generator (4.3.0)
      builder
    sprockets (2.1.3)
      hike (~> 1.2)
      rack (~> 1.0)
      tilt (~> 1.1, != 1.3.0)
    sunspot (2.0.0)
      pr_geohash (~> 1.0)
      rsolr (~> 1.0.7)
    sunspot_rails (2.0.0)
      nokogiri
      sunspot (= 2.0.0)
    sunspot_solr (2.0.0)
    therubyracer (0.12.1)
      libv8 (~> 3.16.14.0)
      ref
    thor (0.16.0)
    tilt (1.3.3)
    treetop (1.4.12)
      polyglot
      polyglot (>= 0.3.1)
    twitter-bootstrap-rails (2.2.8)
      actionpack (>= 3.1)
      execjs
      rails (>= 3.1)
      railties (>= 3.1)
    tzinfo (0.3.35)
    uglifier (1.3.0)
      execjs (>= 0.3.0)
      multi_json (~> 1.0, >= 1.0.2)
    useragent (0.10.0)
    uuidtools (2.1.4)
    warden (1.2.1)
      rack (>= 1.0)
    wkhtmltopdf-binary (0.9.9.1)

PLATFORMS
  ruby
  x86-mingw32

DEPENDENCIES
  aws-sdk
  cancan
  capistrano
  coffee-rails (~> 3.2.1)
  country_select
  debugger
  devise
  geocoder
  geokit
  haml-rails
  jquery-rails
  linkedin
  metamagic
  money-rails
  mysql2
  omniauth
  omniauth-linkedin
  omnicontacts
  paperclip
  pdfcrowd
  pdfkit
  quiet_assets
  rack-google-analytics
  rails (= 3.2.8)
  rails_admin (>= 0.4.3)
  rails_config
  rufus-scheduler
  rvm-capistrano
  sass-rails (~> 3.2.3)
  sitemap_generator
  sunspot_rails
  sunspot_solr
  therubyracer
  twitter-bootstrap-rails
  uglifier (>= 1.0.3)
  useragent
  wkhtmltopdf-binary
